GEM
  remote: http://gemcutter.org/
  remote: http://rubygems.org/
  remote: http://gems.github.com/
  specs:
    activesupport (3.1.3)
      multi_json (~> 1.0)
    bson (1.4.0)
    bson_ext (1.4.0)
    builder (2.1.2)
    i18n (0.6.0)
    jnunemaker-validatable (1.8.4)
      activesupport (>= 2.3.4)
    json_pure (1.6.1)
    mongo (1.4.0)
      bson (= 1.4.0)
    mongo_mapper (0.8.6)
      activesupport (>= 2.3.4)
      jnunemaker-validatable (~> 1.8.4)
      plucky (~> 0.3.6)
    multi_json (1.0.3)
    plucky (0.3.8)
      mongo (~> 1.3)

PLATFORMS
  ruby

DEPENDENCIES
  bson_ext
  builder (~> 2.1.2)
  i18n
  json_pure (= 1.6.1)
  mongo (= 1.4.0)
  mongo_mapper (= 0.8.6)
  plucky (= 0.3.8)
